PATH
  remote: .
  specs:
    fontawesome-rails-cdn (4.0.3.1)

GEM
  remote: https://rubygems.org/
  specs:

PLATFORMS
  ruby

DEPENDENCIES
  fontawesome-rails-cdn!
